GEM
  remote: http://rubygems.org/
  specs:
    json (1.5.3)
    nest (1.1.0)
      redis (~> 2.1)
    ohm (0.1.3)
      nest (~> 1.0)
    progressbar (0.9.1)
    rack (1.3.2)
    redis (2.2.2)
    rkelly (1.0.3)
    sinatra (1.2.6)
      rack (~> 1.1)
      tilt (>= 1.2.2, < 2.0)
    tilt (1.3.3)

PLATFORMS
  ruby

DEPENDENCIES
  json
  ohm
  progressbar
  rkelly
  sinatra
